GEM
  remote: https://rubygems.org/
  specs:
    nio4r (2.5.9)
    puma (6.2.2)
      nio4r (~> 2.0)
    rack (3.0.7)
    roda (3.68.0)
      rack

PLATFORMS
  arm64-darwin-20

DEPENDENCIES
  puma
  roda

BUNDLED WITH
   2.2.3
